GIT
  remote: git://github.com/mongoid/mongoid.git
  revision: 9f135dd4862114b87662fa5ba5bf00242d099acc
  branch: 2.1.0-stable
  specs:
    mongoid (2.1.9)
      activemodel (~> 3.0)
      mongo (~> 1.3)
      tzinfo (~> 0.3.22)

GEM
  remote: http://rubygems.org/
  specs:
    activemodel (3.1.1)
      activesupport (= 3.1.1)
      builder (~> 3.0.0)
      i18n (~> 0.6)
    activesupport (3.1.1)
      multi_json (~> 1.0)
    bson (1.4.0)
    bson_ext (1.4.0)
    builder (3.0.0)
    diff-lcs (1.1.3)
    factory_girl (2.1.2)
      activesupport
    faker (1.0.1)
      i18n (~> 0.4)
    git (1.2.5)
    i18n (0.6.0)
    jeweler (1.6.4)
      bundler (~> 1.0)
      git (>= 1.2.5)
      rake
    mongo (1.4.0)
      bson (= 1.4.0)
    multi_json (1.0.3)
    rake (0.9.2)
    rcov (0.9.11)
    rspec (2.3.0)
      rspec-core (~> 2.3.0)
      rspec-expectations (~> 2.3.0)
      rspec-mocks (~> 2.3.0)
    rspec-core (2.3.1)
    rspec-expectations (2.3.0)
      diff-lcs (~> 1.1.2)
    rspec-mocks (2.3.0)
    timeliness (0.3.4)
    tzinfo (0.3.30)
    validates_timeliness (3.0.7)
      timeliness (~> 0.3.3)

PLATFORMS
  ruby

DEPENDENCIES
  activemodel
  bson_ext
  bundler (~> 1.0.0)
  factory_girl (~> 2.1.0)
  faker
  jeweler (~> 1.6.4)
  mongoid!
  rcov
  rspec (~> 2.3.0)
  validates_timeliness
